GEM
  remote: http://rubygems.org/
  specs:
    activesupport (3.1.3)
      multi_json (~> 1.0)
    addressable (2.2.6)
    daemons (1.1.5)
    diff-lcs (1.1.3)
    eventmachine (0.12.10)
    faraday (0.7.5)
      addressable (~> 2.2.6)
      multipart-post (~> 1.1.3)
      rack (>= 1.1.0, < 2)
    foreman (0.26.1)
      term-ansicolor (~> 1.0.5)
      thor (>= 0.13.6)
    heroku (2.14.0)
      launchy (>= 0.3.2)
      rest-client (~> 1.6.1)
      rubyzip
      term-ansicolor (~> 1.0.5)
    http_parser.rb (0.5.3)
    launchy (2.0.5)
      addressable (~> 2.2.6)
    mime-types (1.17.2)
    multi_json (1.0.4)
    multipart-post (1.1.4)
    rack (1.3.5)
    rest-client (1.6.7)
      mime-types (>= 1.16)
    rspec (2.7.0)
      rspec-core (~> 2.7.0)
      rspec-expectations (~> 2.7.0)
      rspec-mocks (~> 2.7.0)
    rspec-core (2.7.1)
    rspec-expectations (2.7.0)
      diff-lcs (~> 1.1.2)
    rspec-mocks (2.7.0)
    rubyzip (0.9.4)
    simple_oauth (0.1.5)
    term-ansicolor (1.0.7)
    thor (0.14.6)
    tweetbot (0.3.0)
      tweetstream
      twitter
    tweetstream (1.1.3)
      daemons (~> 1.1.4)
      multi_json (~> 1.0.3)
      twitter-stream (~> 0.1.14)
    twitter (2.0.2)
      activesupport (>= 2.3.9, < 4)
      faraday (~> 0.7)
      multi_json (~> 1.0)
      simple_oauth (~> 0.1)
    twitter-stream (0.1.14)
      eventmachine (>= 0.12.8)
      http_parser.rb (~> 0.5.1)
      simple_oauth (~> 0.1.4)

PLATFORMS
  ruby

DEPENDENCIES
  foreman
  heroku
  rspec
  tweetbot (= 0.3.0)
